GEM
  remote: http://rubygems.org/
  specs:
    mini_portile2 (2.6.1)
    mocha (0.9.9)
      rake
    nokogiri (1.12.5)
      mini_portile2 (~> 2.6.1)
      racc (~> 1.4)
    racc (1.5.2)
    rake (0.8.7)
    rdelicious (1.0.2)
    simplecov (0.4.2)
      simplecov-html (~> 0.4.4)
    simplecov-html (0.4.4)
    www-delicious (0.4.0)

PLATFORMS
  ruby

DEPENDENCIES
  mocha (~> 0.9.9)
  nokogiri (~> 1.12.5)
  rdelicious (~> 1.0.2)
  simplecov (>= 0.3.5)
  www-delicious (~> 0.4.0)
