GEM
  remote: http://rubygems.org/
  specs:
    mini_portile2 (2.8.8)
    mocha (0.9.9)
      rake
    nokogiri (1.18.3)
      mini_portile2 (~> 2.8.2)
      racc (~> 1.4)
    racc (1.8.1)
    rake (13.0.6)
    rdelicious (1.0.2)
    simplecov (0.4.2)
      simplecov-html (~> 0.4.4)
    simplecov-html (0.4.4)
    www-delicious (0.4.0)

PLATFORMS
  ruby

DEPENDENCIES
  mocha (~> 0.9.9)
  nokogiri (~> 1.18.3)
  rdelicious (~> 1.0.2)
  simplecov (>= 0.3.5)
  www-delicious (~> 0.4.0)
